PATH
  remote: .
  specs:
    supergood (1.0.0)
      base64 (~> 0.1)
      digest (~> 3.1, >= 3.1.1)
      dotenv (~> 2.8, >= 2.8.1)
      json (~> 2.6, >= 2.6.3)
      logger (~> 1.5)
      rudash (~> 4.1, >= 4.1.2)
      securerandom (~> 0.2.2)
      stringio (~> 3.0.4)
      uri (~> 0.12)
      zlib (~> 3.0.0)

GEM
  remote: https://rubygems.org/
  specs:
    addressable (2.8.1)
      public_suffix (>= 2.0.2, < 6.0)
    base64 (0.1.1)
    crack (0.4.5)
      rexml
    diff-lcs (1.5.0)
    digest (3.1.1)
    domain_name (0.5.20190701)
      unf (>= 0.0.5, < 1.0.0)
    dotenv (2.8.1)
    faraday (2.7.4)
      faraday-net_http (>= 2.0, < 3.1)
      ruby2_keywords (>= 0.0.4)
    faraday-net_http (3.0.2)
    ffi (1.15.5)
    ffi-compiler (1.0.1)
      ffi (>= 1.0.0)
      rake
    hashdiff (1.0.1)
    http (5.1.1)
      addressable (~> 2.8)
      http-cookie (~> 1.0)
      http-form_data (~> 2.2)
      llhttp-ffi (~> 0.4.0)
    http-accept (1.7.0)
    http-cookie (1.0.5)
      domain_name (~> 0.5)
    http-form_data (2.3.0)
    httparty (0.21.0)
      mini_mime (>= 1.0.0)
      multi_xml (>= 0.5.2)
    json (2.6.3)
    llhttp-ffi (0.4.0)
      ffi-compiler (~> 1.0)
      rake (~> 13.0)
    logger (1.5.3)
    mime-types (3.4.1)
      mime-types-data (~> 3.2015)
    mime-types-data (3.2023.0218.1)
    mini_mime (1.1.2)
    multi_xml (0.6.0)
    netrc (0.11.0)
    public_suffix (5.0.1)
    rake (13.0.6)
    rest-client (2.1.0)
      http-accept (>= 1.7.0, < 2.0)
      http-cookie (>= 1.0.2, < 2.0)
      mime-types (>= 1.16, < 4.0)
      netrc (~> 0.8)
    rexml (3.2.5)
    rspec (3.12.0)
      rspec-core (~> 3.12.0)
      rspec-expectations (~> 3.12.0)
      rspec-mocks (~> 3.12.0)
    rspec-core (3.12.1)
      rspec-support (~> 3.12.0)
    rspec-expectations (3.12.2)
      diff-lcs (>= 1.2.0, < 2.0)
      rspec-support (~> 3.12.0)
    rspec-mocks (3.12.4)
      diff-lcs (>= 1.2.0, < 2.0)
      rspec-support (~> 3.12.0)
    rspec-support (3.12.0)
    ruby2_keywords (0.0.5)
    rudash (4.1.2)
    securerandom (0.2.2)
    stringio (3.0.5)
    unf (0.1.4)
      unf_ext
    unf_ext (0.0.8.2)
    uri (0.12.0)
    webmock (3.18.1)
      addressable (>= 2.8.0)
      crack (>= 0.3.2)
      hashdiff (>= 0.4.0, < 2.0.0)
    zlib (3.0.0)

PLATFORMS
  ruby

DEPENDENCIES
  base64
  digest
  dotenv
  faraday (~> 2.7, >= 2.7.4)
  http (~> 5.1, >= 5.1.1)
  httparty (~> 0.21.0)
  json
  logger
  rest-client (~> 2.1)
  rspec (~> 3.12)
  securerandom
  stringio
  supergood!
  uri
  webmock (~> 3.18, >= 3.18.1)
  zlib

BUNDLED WITH
   2.1.4
