PATH
  remote: .
  specs:
    supergood (1.0.1)
      base64 (~> 0.1)
      digest (~> 3.1, >= 3.1.1)
      dotenv (~> 2.8, >= 2.8.1)
      json (~> 2.6, >= 2.6.3)
      logger (~> 1.5, >= 1.6)
      rudash (~> 4.1, >= 4.1.2)
      securerandom (~> 0.2, >= 0.2.2)
      stringio (~> 3.0)
      uri (~> 0.12)
      zlib (~> 3.0)

GEM
  remote: https://rubygems.org/
  specs:
    addressable (2.8.6)
      public_suffix (>= 2.0.2, < 6.0)
    base64 (0.2.0)
    crack (0.4.5)
      rexml
    diff-lcs (1.5.0)
    digest (3.1.1)
    domain_name (0.6.20240107)
    dotenv (2.8.1)
    faraday (2.9.0)
      faraday-net_http (>= 2.0, < 3.2)
    faraday-net_http (3.1.0)
      net-http
    ffi (1.16.3)
    ffi-compiler (1.0.1)
      ffi (>= 1.0.0)
      rake
    hashdiff (1.1.0)
    http (5.1.1)
      addressable (~> 2.8)
      http-cookie (~> 1.0)
      http-form_data (~> 2.2)
      llhttp-ffi (~> 0.4.0)
    http-accept (1.7.0)
    http-cookie (1.0.5)
      domain_name (~> 0.5)
    http-form_data (2.3.0)
    httparty (0.21.0)
      mini_mime (>= 1.0.0)
      multi_xml (>= 0.5.2)
    json (2.7.1)
    llhttp-ffi (0.4.0)
      ffi-compiler (~> 1.0)
      rake (~> 13.0)
    logger (1.6.0)
    mime-types (3.5.2)
      mime-types-data (~> 3.2015)
    mime-types-data (3.2023.1205)
    mini_mime (1.1.5)
    multi_xml (0.6.0)
    net-http (0.4.1)
      uri
    netrc (0.11.0)
    public_suffix (5.0.4)
    rake (13.1.0)
    rest-client (2.1.0)
      http-accept (>= 1.7.0, < 2.0)
      http-cookie (>= 1.0.2, < 2.0)
      mime-types (>= 1.16, < 4.0)
      netrc (~> 0.8)
    rexml (3.2.6)
    rspec (3.12.0)
      rspec-core (~> 3.12.0)
      rspec-expectations (~> 3.12.0)
      rspec-mocks (~> 3.12.0)
    rspec-core (3.12.2)
      rspec-support (~> 3.12.0)
    rspec-expectations (3.12.3)
      diff-lcs (>= 1.2.0, < 2.0)
      rspec-support (~> 3.12.0)
    rspec-mocks (3.12.6)
      diff-lcs (>= 1.2.0, < 2.0)
      rspec-support (~> 3.12.0)
    rspec-support (3.12.1)
    rudash (4.1.2)
    securerandom (0.3.1)
    stringio (3.1.0)
    uri (0.13.0)
    webmock (3.19.1)
      addressable (>= 2.8.0)
      crack (>= 0.3.2)
      hashdiff (>= 0.4.0, < 2.0.0)
    zlib (3.1.0)

PLATFORMS
  ruby

DEPENDENCIES
  base64
  digest
  dotenv
  faraday (~> 2.7, >= 2.7.4)
  http (~> 5.1, >= 5.1.1)
  httparty (~> 0.21.0)
  json
  logger
  rest-client (~> 2.1)
  rspec (~> 3.12)
  securerandom
  stringio
  supergood!
  uri
  webmock (~> 3.18, >= 3.18.1)
  zlib

BUNDLED WITH
   2.1.4
